PATH
  remote: .
  specs:
    emoji-js (0.1.0)
      coffee-script
      colorize
      uglifier

GEM
  remote: https://rubygems.org/
  specs:
    coffee-script (2.2.0)
      coffee-script-source
      execjs
    coffee-script-source (1.7.0)
    colorize (0.7.3)
    execjs (2.2.1)
    json (1.8.1)
    rake (10.1.1)
    uglifier (2.5.1)
      execjs (>= 0.3.0)
      json (>= 1.8.0)

PLATFORMS
  ruby

DEPENDENCIES
  bundler
  emoji-js!
  rake
